GEM
  remote: http://rubygems.org/
  specs:
    compass (0.10.6)
      haml (>= 3.0.4)
    compass-susy-plugin (0.8.1)
      compass (>= 0.10.0)
    haml (3.0.25)
    rack (1.2.1)
    sass (3.1.0.alpha.217)
    shotgun (0.8)
      rack (>= 1.0)
    sinatra (1.1.2)
      rack (~> 1.1)
      tilt (~> 1.2)
    tilt (1.2.1)

PLATFORMS
  ruby

DEPENDENCIES
  compass
  compass-susy-plugin
  haml
  sass
  shotgun
  sinatra
